GEM
  remote: http://rubygems.org/
  specs:
    pcap (0.7.0)

PLATFORMS
  ruby

DEPENDENCIES
  pcap (= 0.7.0)
